GEM
  remote: https://rubygems.org/
  specs:
    coderay (1.1.2)
    file-tail (1.2.0)
      tins (~> 1.0)
    glu (8.3.0)
    glut (8.3.0)
    gosu (0.14.5)
    method_source (0.9.2)
    ocra (1.3.10)
    opengl (0.10.0)
    pry (0.12.2)
      coderay (~> 1.1.0)
      method_source (~> 0.9.0)
    ruby2ruby (2.4.2)
      ruby_parser (~> 3.1)
      sexp_processor (~> 4.6)
    ruby_parser (3.13.1)
      sexp_processor (~> 4.9)
    sexp_processor (4.12.0)
    sourcify (0.5.0)
      file-tail (>= 1.0.5)
      ruby2ruby (>= 1.2.5)
      ruby_parser (>= 2.0.5)
      sexp_processor (>= 3.0.5)
    tins (1.20.3)

PLATFORMS
  ruby

DEPENDENCIES
  glu
  glut
  gosu
  ocra
  opengl
  pry
  sourcify

BUNDLED WITH
   2.0.1
