GEM
  remote: https://rubygems.org/
  specs:
    coderay (1.1.2)
    glu (8.3.0)
    glut (8.3.0)
    gosu (0.14.5)
    luit (0.1.4)
      gosu (~> 0.11, >= 0.11.3.1)
    method_source (0.9.2)
    ocra (1.3.10)
    opengl (0.10.0)
    pry (0.12.2)
      coderay (~> 1.1.0)
      method_source (~> 0.9.0)

PLATFORMS
  ruby

DEPENDENCIES
  glu
  glut
  gosu
  luit
  ocra
  opengl
  pry

BUNDLED WITH
   2.0.1
