GEM
  remote: https://rubygems.org/
  specs:
    coderay (1.1.2)
    glu (8.3.0)
    glut (8.3.0)
    gosu (0.13.3)
    method_source (0.9.2)
    ocra (1.3.10)
    opengl-bindings (1.6.8)
    pry (0.12.2)
      coderay (~> 1.1.0)
      method_source (~> 0.9.0)

PLATFORMS
  ruby

DEPENDENCIES
  glu
  glut
  gosu
  ocra
  opengl-bindings
  pry

BUNDLED WITH
   2.0.1
